GIT
  remote: git://github.com/grosser/parallel.git
  revision: 8e3194b9a6ae01c27a126e5cf09a4748e1b23edc
  specs:
    parallel (0.5.9)

GEM
  remote: http://rubygems.org/
  specs:
    redis (2.2.2)

PLATFORMS
  ruby

DEPENDENCIES
  parallel!
  redis
