GIT
  remote: git://github.com/methodmissing/thread_pool.git
  revision: 534caf1caef01511185533f80e90b7fa8a0329b5
  specs:
    thread_pool (0.3.1)

GEM
  remote: http://rubygems.org/
  specs:
    em-synchrony (1.0.0)
      eventmachine (>= 1.0.0.beta.1)
    eventmachine (1.0.0.beta.4)
    hiredis (0.4.1)
    redis (2.2.2)

PLATFORMS
  ruby

DEPENDENCIES
  em-synchrony
  hiredis
  redis
  thread_pool!
